GEM
  remote: https://rubygems.org/
  specs:
    aws-sdk-v1 (1.67.0)
      json (~> 1.4)
      nokogiri (~> 1)
    json (1.8.6)
    mini_portile2 (2.4.0)
    nokogiri (1.10.10)
      mini_portile2 (~> 2.4.0)
    openssl (2.2.0)

PLATFORMS
  ruby

DEPENDENCIES
  aws-sdk-v1
  openssl

BUNDLED WITH
   2.1.4
